GIT
  remote: https://github.com/aviator/aviator.git
  revision: e062ca3ff05d9ca7507dd9e89682fc8b4f424517
  branch: master
  specs:
    aviator (0.0.6)
      activesupport (>= 3.2.8)
      faraday (~> 0.8.0)
      terminal-table (>= 1.4.5)
      thor (~> 0.18.1)

GEM
  remote: https://rubygems.org/
  specs:
    activesupport (4.0.0)
      i18n (~> 0.6, >= 0.6.4)
      minitest (~> 4.2)
      multi_json (~> 1.3)
      thread_safe (~> 0.1)
      tzinfo (~> 0.3.37)
    atomic (1.1.14)
    faraday (0.8.8)
      multipart-post (~> 1.2.0)
    i18n (0.6.5)
    metaclass (0.0.4)
    minitest (4.7.5)
    mocha (1.1.0)
      metaclass (~> 0.0.1)
    multi_json (1.8.0)
    multipart-post (1.2.0)
    terminal-table (1.4.5)
    thor (0.18.1)
    thread_safe (0.1.3)
      atomic
    tzinfo (0.3.37)

PLATFORMS
  ruby

DEPENDENCIES
  aviator!
  minitest
  mocha (~> 1.1.0)
