GIT
  remote: https://github.com/aviator/aviator.git
  revision: 50fe5efa5e6893f7d89ddd03d9b794ea2b2b95d2
  branch: master
  specs:
    aviator (0.0.5)
      activesupport (>= 3.2.8)
      faraday (~> 0.8.0)
      thor (~> 0.18.1)

GEM
  remote: https://rubygems.org/
  specs:
    activesupport (4.0.0)
      i18n (~> 0.6, >= 0.6.4)
      minitest (~> 4.2)
      multi_json (~> 1.3)
      thread_safe (~> 0.1)
      tzinfo (~> 0.3.37)
    atomic (1.1.14)
    faraday (0.8.8)
      multipart-post (~> 1.2.0)
    i18n (0.6.5)
    minitest (4.7.5)
    multi_json (1.8.0)
    multipart-post (1.2.0)
    thor (0.18.1)
    thread_safe (0.1.3)
      atomic
    tzinfo (0.3.37)

PLATFORMS
  ruby

DEPENDENCIES
  aviator!
