GIT
  remote: https://github.com/aviator/aviator.git
  revision: 1b98968c27d1286c50e9aab13f9b32091eb256c5
  branch: master
  specs:
    aviator (0.1.0)
      faraday (~> 0.8, >= 0.8.8)
      terminal-table (~> 1.4, >= 1.4.5)
      thor (~> 0.18, >= 0.18.1)

GEM
  remote: https://rubygems.org/
  specs:
    faraday (0.9.0)
      multipart-post (>= 1.2, < 3)
    metaclass (0.0.4)
    minitest (4.7.5)
    mocha (1.1.0)
      metaclass (~> 0.0.1)
    multipart-post (2.0.0)
    terminal-table (1.4.5)
    thor (0.19.1)

PLATFORMS
  ruby

DEPENDENCIES
  aviator!
  minitest
  mocha (~> 1.1.0)
